PATH
  remote: .
  specs:
    sm2-crypto (0.2.1)

GEM
  remote: https://rubygems.org/
  specs:
    minitest (5.18.0)
    rake (13.0.6)

PLATFORMS
  arm64-darwin-22
  x86_64-linux

DEPENDENCIES
  minitest (~> 5.0)
  rake (~> 13.0)
  sm2-crypto!

BUNDLED WITH
   2.4.6
